NUGET
  remote: https://www.nuget.org/api/v2
    FAKE (4.28)
    FSharp.Compiler.Service (2.0.0.6)
    FSharp.Core (4.0.0.1)
    FSharp.Formatting (2.14.4)
      FSharp.Compiler.Service (2.0.0.6)
      FSharpVSPowerTools.Core (>= 2.3 < 2.4)
    FSharpVSPowerTools.Core (2.3)
      FSharp.Compiler.Service (>= 2.0.0.3)
    FsReveal (1.3.1)
      FSharp.Formatting (>= 2.11)
    Suave (1.1.2)
      FSharp.Core (>= 3.1.2.5)

GROUP Build
NUGET
  remote: https://www.nuget.org/api/v2
    FAKE (4.35)
    xunit.runner.console (2.1)

GROUP Tests
FRAMEWORK: NET451
NUGET
  remote: https://www.nuget.org/api/v2
    xunit (2.1)
      xunit.assert (2.1)
      xunit.core (2.1)
    xunit.abstractions (2.0)
    xunit.assert (2.1)
    xunit.core (2.1)
      xunit.extensibility.core (2.1)
      xunit.extensibility.execution (2.1)
    xunit.extensibility.core (2.1)
      xunit.abstractions (2.0)
    xunit.extensibility.execution (2.1)
      xunit.extensibility.core (2.1)
